GEM
  remote: https://rubygems.org/
  specs:
    mini_portile (0.6.2)
    mini_portile2 (2.4.0)
    nokogiri (1.10.10)
      mini_portile2 (~> 2.4.0)
    rake (13.0.1)

PLATFORMS
  ruby
  x86_64-linux

DEPENDENCIES
  mini_portile
  nokogiri
  rake

BUNDLED WITH
   2.2.0
